GIT
  remote: git://github.com/rawr/rawr.git
  revision: 65b1cba5c284d4ed5ecffed1d59684232308ab2f
  specs:
    rawr (1.6.6)

GEM
  remote: http://rubygems.org/
  specs:
    builder (3.2.0)
    diff-lcs (1.1.3)
    faker (1.1.2)
      i18n (~> 0.5)
    hoe (3.6.0)
      rake (>= 0.8, < 11.0)
    i18n (0.6.4)
    rake (10.0.4)
    rspec (2.12.0)
      rspec-core (~> 2.12.0)
      rspec-expectations (~> 2.12.0)
      rspec-mocks (~> 2.12.0)
    rspec-core (2.12.2)
    rspec-expectations (2.12.1)
      diff-lcs (~> 1.1.3)
    rspec-mocks (2.12.2)
    s4t-utils (1.0.4)
      hoe (>= 1.3.0)
    user-choices (1.1.6.1)
      builder (>= 2.1.2)
      s4t-utils (>= 1.0.3)
      xml-simple (>= 1.0.11)
    xml-simple (1.1.2)

PLATFORMS
  java
  ruby

DEPENDENCIES
  faker
  rake
  rawr (= 1.6.6)!
  rspec (= 2.12.0)
  user-choices
